PATH
  remote: .
  specs:
    grpc-demo (1.0.0)
      grpc (~> 1.0)
      multi_json (~> 1.13.1)

GEM
  remote: https://rubygems.org/
  specs:
    google-protobuf (3.7.1)
    googleapis-common-protos-types (1.0.4)
      google-protobuf (~> 3.0)
    grpc (1.20.0)
      google-protobuf (~> 3.7)
      googleapis-common-protos-types (~> 1.0.0)
    multi_json (1.13.1)

PLATFORMS
  ruby

DEPENDENCIES
  bundler (~> 1.7)
  grpc-demo!

BUNDLED WITH
   1.17.2
